GEM
  remote: http://rubygems.org/
  specs:
    xcode_template_maker (0.0.3)

PLATFORMS
  ruby

DEPENDENCIES
  xcode_template_maker
